GEM
  remote: https://rubygems.org/
  specs:
    diff-lcs (1.2.5)
    equalizer (0.0.11)
    rack (1.6.1)
    rom (0.7.1)
      equalizer (~> 0.0, >= 0.0.9)
      transproc (~> 0.2, >= 0.2.2)
    rom-sql (0.5.1)
      equalizer (~> 0.0, >= 0.0.9)
      rom (~> 0.7, >= 0.7.0)
      sequel (~> 4.18)
    rspec (3.2.0)
      rspec-core (~> 3.2.0)
      rspec-expectations (~> 3.2.0)
      rspec-mocks (~> 3.2.0)
    rspec-core (3.2.3)
      rspec-support (~> 3.2.0)
    rspec-expectations (3.2.1)
      diff-lcs (>= 1.2.0, < 2.0)
      rspec-support (~> 3.2.0)
    rspec-mocks (3.2.1)
      diff-lcs (>= 1.2.0, < 2.0)
      rspec-support (~> 3.2.0)
    rspec-support (3.2.2)
    sequel (4.22.0)
    transproc (0.2.2)

PLATFORMS
  ruby

DEPENDENCIES
  rack
  rom
  rom-sql
  rspec
